GIT
  remote: git://github.com/jekyll/jekyll
  revision: a619ce3e9b2ac29acf7e88252986db312a0da4e4
  branch: master
  specs:
    jekyll (2.0.0.alpha.3)
      classifier (~> 1.3)
      colorator (~> 0.1)
      jekyll-coffeescript (~> 1.0)
      jekyll-sass-converter (~> 1.0.0.rc3)
      liquid (~> 2.5.5)
      listen (~> 2.5)
      maruku (= 0.7.0)
      mercenary (~> 0.3.1)
      pygments.rb (~> 0.5.0)
      redcarpet (~> 3.1)
      safe_yaml (~> 1.0)
      toml (~> 0.1.0)

GIT
  remote: git://github.com/jekyll/jekyll-sass-converter
  revision: 44c56237bc32dee774a457f96d894e96bfd2f093
  branch: master
  specs:
    jekyll-sass-converter (1.0.0.rc3)
      sass (~> 3.2)

GEM
  remote: https://rubygems.org/
  specs:
    aws-sdk (1.39.0)
      json (~> 1.4)
      nokogiri (>= 1.4.4)
    blankslate (2.1.2.4)
    celluloid (0.15.2)
      timers (~> 1.1.0)
    celluloid-io (0.15.0)
      celluloid (>= 0.15.0)
      nio4r (>= 0.5.0)
    classifier (1.3.4)
      fast-stemmer (>= 1.0.0)
    coffee-script (2.2.0)
      coffee-script-source
      execjs
    coffee-script-source (1.7.0)
    colorator (0.1)
    colored (1.2)
    configure-s3-website (1.5.3)
      deep_merge (= 1.0.0)
    deep_merge (1.0.0)
    erubis (2.7.0)
    execjs (2.0.2)
    fast-stemmer (1.0.2)
    ffi (1.9.3)
    filey-diff (1.4.3)
    jekyll-coffeescript (1.0.0)
      coffee-script (~> 2.2)
    json (1.8.1)
    liquid (2.5.5)
    listen (2.7.2)
      celluloid (>= 0.15.2)
      celluloid-io (>= 0.15.0)
      rb-fsevent (>= 0.9.3)
      rb-inotify (>= 0.9)
    maruku (0.7.0)
    mercenary (0.3.2)
    mime-types (1.25.1)
    mini_portile (0.5.3)
    nio4r (1.0.0)
    nokogiri (1.6.1)
      mini_portile (~> 0.5.0)
    parslet (1.5.0)
      blankslate (~> 2.0)
    posix-spawn (0.3.8)
    pygments.rb (0.5.4)
      posix-spawn (~> 0.3.6)
      yajl-ruby (~> 1.1.0)
    rb-fsevent (0.9.4)
    rb-inotify (0.9.4)
      ffi (>= 0.5.0)
    redcarpet (3.1.1)
    s3_website (1.7.1)
      aws-sdk (~> 1)
      configure-s3-website (= 1.5.3)
      erubis (~> 2.7.0)
      filey-diff (~> 1.4.3)
      mime-types (~> 1)
      simple-cloudfront-invalidator (~> 1)
      thor (= 0.18.1)
      zopfli (~> 0.0.3)
    safe_yaml (1.0.3)
    sass (3.3.5)
    simple-cloudfront-invalidator (1.0.1)
      colored (= 1.2)
    thor (0.18.1)
    timers (1.1.0)
    toml (0.1.1)
      parslet (~> 1.5.0)
    yajl-ruby (1.1.0)
    zopfli (0.0.3)

PLATFORMS
  ruby

DEPENDENCIES
  jekyll!
  jekyll-sass-converter!
  s3_website
